GEM
  remote: https://rubygems.org/
  specs:
    tokenizer (0.1.1)

PLATFORMS
  ruby

DEPENDENCIES
  tokenizer (= 0.1.1)
